GEM
  remote: https://rubygems.org/
  specs:
    gosu (0.7.50)
    metaclass (0.0.4)
    mocha (1.1.0)
      metaclass (~> 0.0.1)

PLATFORMS
  ruby

DEPENDENCIES
  gosu
  mocha
